GIT
  remote: git://github.com/4teamwork/activity_station_ruby.git
  revision: a914e2ecb3c5acc9a01f51bd783366a9264dd203
  specs:
    activity_station (0.0.1)
      rest-client (~> 1.6.7)

GEM
  remote: http://rubygems.org/
  specs:
    mime-types (2.0)
    minitest (5.0.8)
    rack (1.5.2)
    rack-contrib (1.1.0)
      rack (>= 0.9.1)
    rack-test (0.6.2)
      rack (>= 1.0)
    rest-client (1.6.7)
      mime-types (>= 1.16)
    shotgun (0.9)
      rack (>= 1.0)

PLATFORMS
  ruby

DEPENDENCIES
  activity_station!
  minitest (~> 5.0.0)
  rack
  rack-contrib
  rack-test
  shotgun
